GEM
  remote: https://rubygems.org/
  specs:
    chef-utils (18.6.2)
      concurrent-ruby
    concurrent-ruby (1.3.4)
    date (3.4.1)
    kramdown (2.5.1)
      rexml (>= 3.3.9)
    kramdown-parser-gfm (1.1.0)
      kramdown (~> 2.0)
    mdl (0.13.0)
      kramdown (~> 2.3)
      kramdown-parser-gfm (~> 1.1)
      mixlib-cli (~> 2.1, >= 2.1.1)
      mixlib-config (>= 2.2.1, < 4)
      mixlib-shellout
    mixlib-cli (2.1.8)
    mixlib-config (3.0.27)
      tomlrb
    mixlib-shellout (3.3.4)
      chef-utils
    psych (5.2.3)
      date
      stringio
    rexml (3.4.0)
    stringio (3.1.2)
    tomlrb (2.0.3)

PLATFORMS
  arm64-darwin
  ruby

DEPENDENCIES
  mdl (~> 0.13)
  psych (~> 5.2, >= 5.2.3)

RUBY VERSION
   ruby 3.4.1p0

BUNDLED WITH
   2.6.2
