GEM
  remote: https://rubygems.org/
  specs:
    activesupport (5.2.5)
      concurrent-ruby (~> 1.0, >= 1.0.2)
      i18n (>= 0.7, < 2)
      minitest (~> 5.1)
      tzinfo (~> 1.1)
    addressable (2.7.0)
      public_suffix (>= 2.0.2, < 5.0)
    concurrent-ruby (1.1.8)
    faraday (1.3.0)
      faraday-net_http (~> 1.0)
      multipart-post (>= 1.2, < 3)
      ruby2_keywords
    faraday-net_http (1.0.1)
    faraday_middleware (1.0.0)
      faraday (~> 1.0)
    gh (0.18.0)
      activesupport (~> 5.0)
      addressable (~> 2.4)
      faraday (~> 1.0)
      faraday_middleware (~> 1.0)
      multi_json (~> 1.0)
      net-http-persistent (~> 2.9)
      net-http-pipeline
    highline (2.0.3)
    i18n (1.8.10)
      concurrent-ruby (~> 1.0)
    json (2.5.1)
    json_pure (2.5.1)
    kramdown (1.17.0)
    launchy (2.4.3)
      addressable (~> 2.3)
    mdl (0.2.1)
      kramdown (~> 1.5, >= 1.5.0)
      mixlib-cli (~> 1.5, >= 1.5.0)
      mixlib-config (~> 2.1, >= 2.1.0)
    minitest (5.14.4)
    mixlib-cli (1.7.0)
    mixlib-config (2.2.18)
      tomlrb
    multi_json (1.15.0)
    multipart-post (2.1.1)
    net-http-persistent (2.9.4)
    net-http-pipeline (1.0.1)
    public_suffix (4.0.6)
    pusher-client (0.6.2)
      json
      websocket (~> 1.0)
    ruby2_keywords (0.0.4)
    thread_safe (0.3.6)
    tomlrb (2.0.1)
    travis (1.10.0)
      faraday (~> 1.0)
      faraday_middleware (~> 1.0)
      gh (~> 0.13)
      highline (~> 2.0)
      json_pure (~> 2.3)
      launchy (~> 2.1, < 2.5.0)
      pusher-client (~> 0.4)
    tzinfo (1.2.9)
      thread_safe (~> 0.1)
    websocket (1.2.9)

PLATFORMS
  x86_64-darwin-19
  x86_64-linux

DEPENDENCIES
  mdl (= 0.2.1)
  travis (= 1.10.0)

RUBY VERSION
   ruby 2.7.1p83

BUNDLED WITH
   2.2.15
