GEM
  remote: https://rubygems.org/
  specs:
    activesupport (5.2.6)
      concurrent-ruby (~> 1.0, >= 1.0.2)
      i18n (>= 0.7, < 2)
      minitest (~> 5.1)
      tzinfo (~> 1.1)
    addressable (2.8.0)
      public_suffix (>= 2.0.2, < 5.0)
    chef-utils (17.1.35)
      concurrent-ruby
    concurrent-ruby (1.1.9)
    faraday (1.8.0)
      faraday-em_http (~> 1.0)
      faraday-em_synchrony (~> 1.0)
      faraday-excon (~> 1.1)
      faraday-httpclient (~> 1.0.1)
      faraday-net_http (~> 1.0)
      faraday-net_http_persistent (~> 1.1)
      faraday-patron (~> 1.0)
      faraday-rack (~> 1.0)
      multipart-post (>= 1.2, < 3)
      ruby2_keywords (>= 0.0.4)
    faraday-em_http (1.0.0)
    faraday-em_synchrony (1.0.0)
    faraday-excon (1.1.0)
    faraday-httpclient (1.0.1)
    faraday-net_http (1.0.1)
    faraday-net_http_persistent (1.2.0)
    faraday-patron (1.0.0)
    faraday-rack (1.0.0)
    faraday_middleware (1.2.0)
      faraday (~> 1.0)
    gh (0.18.0)
      activesupport (~> 5.0)
      addressable (~> 2.4)
      faraday (~> 1.0)
      faraday_middleware (~> 1.0)
      multi_json (~> 1.0)
      net-http-persistent (~> 2.9)
      net-http-pipeline
    highline (2.0.3)
    i18n (1.8.11)
      concurrent-ruby (~> 1.0)
    json (2.6.1)
    json_pure (2.6.1)
    kramdown (2.3.1)
      rexml
    kramdown-parser-gfm (1.1.0)
      kramdown (~> 2.0)
    launchy (2.4.3)
      addressable (~> 2.3)
    mdl (0.11.0)
      kramdown (~> 2.3)
      kramdown-parser-gfm (~> 1.1)
      mixlib-cli (~> 2.1, >= 2.1.1)
      mixlib-config (>= 2.2.1, < 4)
      mixlib-shellout
    minitest (5.15.0)
    mixlib-cli (2.1.8)
    mixlib-config (3.0.9)
      tomlrb
    mixlib-shellout (3.2.5)
      chef-utils
    multi_json (1.15.0)
    multipart-post (2.1.1)
    net-http-persistent (2.9.4)
    net-http-pipeline (1.0.1)
    public_suffix (4.0.6)
    pusher-client (0.6.2)
      json
      websocket (~> 1.0)
    rexml (3.2.5)
    ruby2_keywords (0.0.5)
    thread_safe (0.3.6)
    tomlrb (2.0.1)
    travis (1.11.0)
      faraday (~> 1.0)
      faraday_middleware (~> 1.0)
      gh (~> 0.13)
      highline (~> 2.0)
      json_pure (~> 2.3)
      launchy (~> 2.1, < 2.5.0)
      pusher-client (~> 0.4)
    tzinfo (1.2.9)
      thread_safe (~> 0.1)
    websocket (1.2.9)

PLATFORMS
  ruby

DEPENDENCIES
  mdl (= 0.11.0)
  travis (= 1.11.0)

RUBY VERSION
   ruby 2.7.1p83

BUNDLED WITH
   2.2.17
